GEM
  remote: https://rubygems.org/
  specs:
    activemodel (6.0.2.2)
      activesupport (= 6.0.2.2)
    activesupport (6.0.2.2)
      concurrent-ruby (~> 1.0, >= 1.0.2)
      i18n (>= 0.7, < 2)
      minitest (~> 5.1)
      tzinfo (~> 1.1)
      zeitwerk (~> 2.2)
    bson (4.8.2)
    byebug (11.1.1)
    coderay (1.1.2)
    concurrent-ruby (1.1.6)
    diff-lcs (1.3)
    ffi (1.12.2)
    file_pipeline (0.1.0)
      multi_exiftool (~> 0.14.0)
      ruby-vips (~> 2.0.17)
    folder_stash (0.0.5)
    i18n (1.8.2)
      concurrent-ruby (~> 1.0)
    method_source (1.0.0)
    minitest (5.14.0)
    mongo (2.11.4)
      bson (>= 4.4.2, < 5.0.0)
    mongoid (7.1.0)
      activemodel (>= 5.1, < 6.1)
      mongo (>= 2.7.0, < 3.0.0)
    mongoid-compatibility (0.5.1)
      activesupport
      mongoid (>= 2.0)
    mongoid-rspec (4.0.1)
      activesupport (>= 3.0.0)
      mongoid (>= 3.1)
      mongoid-compatibility (>= 0.5.1)
      rspec (~> 3.3)
    multi_exiftool (0.14.1)
    pry (0.13.0)
      coderay (~> 1.1)
      method_source (~> 1.0)
    pry-byebug (3.9.0)
      byebug (~> 11.0)
      pry (~> 0.13.0)
    rack (2.2.2)
    rack-contrib (2.1.0)
      rack (~> 2.0)
    rack-test (1.1.0)
      rack (>= 1.0, < 3)
    roda (3.30.0)
      rack
    rspec (3.9.0)
      rspec-core (~> 3.9.0)
      rspec-expectations (~> 3.9.0)
      rspec-mocks (~> 3.9.0)
    rspec-core (3.9.1)
      rspec-support (~> 3.9.1)
    rspec-expectations (3.9.1)
      diff-lcs (>= 1.2.0, < 2.0)
      rspec-support (~> 3.9.0)
    rspec-mocks (3.9.1)
      diff-lcs (>= 1.2.0, < 2.0)
      rspec-support (~> 3.9.0)
    rspec-support (3.9.2)
    ruby-vips (2.0.17)
      ffi (~> 1.9)
    thread_safe (0.3.6)
    tzinfo (1.2.6)
      thread_safe (~> 0.1)
    zeitwerk (2.3.0)

PLATFORMS
  ruby

DEPENDENCIES
  byebug
  file_pipeline
  folder_stash
  mongoid
  mongoid-rspec
  pry
  pry-byebug
  rack-contrib
  rack-test
  roda
  rspec

BUNDLED WITH
   2.1.2
