GEM
  remote: https://rubygems.org/
  specs:
    byebug (11.1.1)
    coderay (1.1.2)
    diff-lcs (1.3)
    ffi (1.12.2)
    file_pipeline (0.1.0)
      multi_exiftool (~> 0.14.0)
      ruby-vips (~> 2.0.17)
    folder_stash (0.0.5)
    method_source (0.9.2)
    multi_exiftool (0.14.0)
    pry (0.12.2)
      coderay (~> 1.1.0)
      method_source (~> 0.9.0)
    pry-byebug (3.8.0)
      byebug (~> 11.0)
      pry (~> 0.10)
    rack (2.2.2)
    rack-contrib (2.1.0)
      rack (~> 2.0)
    rack-test (1.1.0)
      rack (>= 1.0, < 3)
    roda (3.29.0)
      rack
    rspec (3.9.0)
      rspec-core (~> 3.9.0)
      rspec-expectations (~> 3.9.0)
      rspec-mocks (~> 3.9.0)
    rspec-core (3.9.1)
      rspec-support (~> 3.9.1)
    rspec-expectations (3.9.0)
      diff-lcs (>= 1.2.0, < 2.0)
      rspec-support (~> 3.9.0)
    rspec-mocks (3.9.1)
      diff-lcs (>= 1.2.0, < 2.0)
      rspec-support (~> 3.9.0)
    rspec-support (3.9.2)
    ruby-vips (2.0.17)
      ffi (~> 1.9)

PLATFORMS
  ruby

DEPENDENCIES
  byebug
  file_pipeline
  folder_stash
  pry
  pry-byebug
  rack-contrib
  rack-test
  roda
  rspec

BUNDLED WITH
   2.1.2
